PATH
  remote: ./handlers/ruboty-kinoco
  specs:
    ruboty-kinoco (0.1.0)
      date_misc

GEM
  remote: https://rubygems.org/
  specs:
    activemodel (4.2.6)
      activesupport (= 4.2.6)
      builder (~> 3.1)
    activesupport (4.2.6)
      i18n (~> 0.7)
      json (~> 1.7, >= 1.7.7)
      minitest (~> 5.1)
      thread_safe (~> 0.3, >= 0.3.4)
      tzinfo (~> 1.1)
    addressable (2.4.0)
    builder (3.2.2)
    chrono (0.3.0)
      activesupport
    date_misc (1.1.1)
    domain_name (0.5.20160310)
      unf (>= 0.0.5, < 1.0.0)
    dotenv (2.1.1)
    event_emitter (0.2.5)
    eventmachine (1.2.0.1)
    faraday (0.9.2)
      multipart-post (>= 1.2, < 3)
    faraday_middleware (0.10.0)
      faraday (>= 0.7.4, < 0.10)
    faye-websocket (0.9.2)
      eventmachine (>= 0.12.0)
      websocket-driver (>= 0.5.1)
    http-cookie (1.0.2)
      domain_name (~> 0.5)
    i18n (0.7.0)
    json (1.8.3)
    mem (0.1.5)
    mime-types (2.99.2)
    mini_portile2 (2.1.0)
    minitest (5.9.0)
    multi_json (1.12.1)
    multipart-post (2.0.0)
    netrc (0.11.0)
    nokogiri (1.6.8)
      mini_portile2 (~> 2.1.0)
      pkg-config (~> 1.1.7)
    oauth (0.4.7)
    pkg-config (1.1.7)
    ragoon (0.5.2)
      nokogiri (~> 1.6.6)
      rest-client (~> 1.8.0)
    redis (3.3.0)
    redis-namespace (1.5.2)
      redis (~> 3.0, >= 3.0.4)
    rest-client (1.8.0)
      http-cookie (>= 1.0.2, < 2.0)
      mime-types (>= 1.16, < 3.0)
      netrc (~> 0.7)
    ruboty (1.2.4)
      activesupport
      bundler
      dotenv
      mem
      slop
    ruboty-cron (1.1.0)
      activesupport
      chrono
      ruboty (>= 0.2.0)
    ruboty-ragoon (0.6.1)
      ragoon (~> 0.5.0)
      ruboty
      tilt
    ruboty-redis (0.0.6)
      redis
      redis-namespace
      ruboty
    ruboty-reminder (0.2.2)
      ruboty
    ruboty-slack_rtm (2.4.4)
      ruboty (>= 1.1.4)
      slack-api (~> 1.2)
      websocket-client-simple (~> 0.3.0)
    ruboty-todo (0.4.0)
      ruboty
    ruboty-trello (0.1.4)
      ruboty
      ruby-trello
    ruby-trello (1.4.2)
      activemodel (>= 3.2.0)
      addressable (~> 2.3)
      json
      oauth (~> 0.4.5)
      rest-client (~> 1.8.0)
    slack-api (1.2.3)
      faraday (>= 0.7, < 0.10)
      faraday_middleware (~> 0.8)
      faye-websocket (~> 0.9.2)
      multi_json (~> 1.0, >= 1.0.3)
    slop (4.3.0)
    thread_safe (0.3.5)
    tilt (2.0.5)
    tzinfo (1.2.2)
      thread_safe (~> 0.1)
    unf (0.1.4)
      unf_ext
    unf_ext (0.0.7.2)
    websocket (1.2.3)
    websocket-client-simple (0.3.0)
      event_emitter
      websocket
    websocket-driver (0.6.4)
      websocket-extensions (>= 0.1.0)
    websocket-extensions (0.1.2)

PLATFORMS
  ruby

DEPENDENCIES
  date_misc
  ruboty
  ruboty-cron
  ruboty-kinoco!
  ruboty-ragoon
  ruboty-redis
  ruboty-reminder
  ruboty-slack_rtm
  ruboty-todo
  ruboty-trello

RUBY VERSION
   ruby 2.3.1p112

BUNDLED WITH
   1.12.1
